GIT
  remote: git://github.com/spree/endpoint_base.git
  revision: dac37b490353cea6ca2b06a1b1b81acc0af6888c
  specs:
    endpoint_base (0.3)
      activesupport
      jbuilder
      json

GEM
  remote: https://rubygems.org/
  specs:
    activesupport (4.1.5)
      i18n (~> 0.6, >= 0.6.9)
      json (~> 1.7, >= 1.7.7)
      minitest (~> 5.1)
      thread_safe (~> 0.1)
      tzinfo (~> 1.1)
    addressable (2.3.6)
    byebug (2.7.0)
      columnize (~> 0.3)
      debugger-linecache (~> 1.2)
    capistrano (3.2.1)
      i18n
      rake (>= 10.0.0)
      sshkit (~> 1.3)
    celluloid (0.15.2)
      timers (~> 1.1.0)
    coderay (1.1.0)
    colorize (0.7.3)
    columnize (0.8.9)
    crack (0.4.2)
      safe_yaml (~> 1.0.0)
    debugger-linecache (1.2.0)
    diff-lcs (1.2.5)
    dotenv (0.11.1)
      dotenv-deployment (~> 0.0.2)
    dotenv-deployment (0.0.2)
    excon (0.39.5)
    ffi (1.9.3)
    foreman (0.74.0)
      dotenv (~> 0.11.1)
      thor (~> 0.19.1)
    formatador (0.2.5)
    geokit (1.8.5)
      multi_json (>= 1.3.2)
    guard (2.6.1)
      formatador (>= 0.2.4)
      listen (~> 2.7)
      lumberjack (~> 1.0)
      pry (>= 0.9.12)
      thor (>= 0.18.1)
    guard-rspec (4.3.1)
      guard (~> 2.1)
      rspec (>= 2.14, < 4.0)
    honeybadger (1.16.3)
      json
    httparty (0.13.1)
      json (~> 1.8)
      multi_xml (>= 0.5.2)
    i18n (0.6.11)
    jbuilder (2.1.3)
      activesupport (>= 3.0.0, < 5)
      multi_json (~> 1.2)
    jeff (1.0.1)
      excon (>= 0.22.1)
    json (1.8.1)
    kgio (2.9.2)
    listen (2.7.9)
      celluloid (>= 0.15.2)
      rb-fsevent (>= 0.9.3)
      rb-inotify (>= 0.9)
    little-plugger (1.1.3)
    logging (1.8.2)
      little-plugger (>= 1.1.3)
      multi_json (>= 1.8.4)
    lumberjack (1.0.9)
    method_source (0.8.2)
    mini_portile (0.6.0)
    minitest (5.4.0)
    model_un (0.2.1)
    multi_json (1.10.1)
    multi_xml (0.5.5)
    mws-connect (0.0.4)
      logging (>= 1.8.0)
      nokogiri (>= 1.5.5)
    net-scp (1.2.1)
      net-ssh (>= 2.6.5)
    net-ssh (2.9.1)
    nokogiri (1.6.3.1)
      mini_portile (= 0.6.0)
    peddler (0.9.2)
      jeff (~> 1.0)
      multi_xml (~> 0.5.0)
    pry (0.10.1)
      coderay (~> 1.1.0)
      method_source (~> 0.8.1)
      slop (~> 3.4)
    pry-byebug (1.3.3)
      byebug (~> 2.7)
      pry (~> 0.10)
    rack (1.5.2)
    rack-protection (1.5.3)
      rack
    rack-test (0.6.2)
      rack (>= 1.0)
    raindrops (0.13.0)
    rake (10.3.2)
    rb-fsevent (0.9.4)
    rb-inotify (0.9.5)
      ffi (>= 0.5.0)
    redis (3.1.0)
    require_all (1.3.2)
    rspec (3.0.0)
      rspec-core (~> 3.0.0)
      rspec-expectations (~> 3.0.0)
      rspec-mocks (~> 3.0.0)
    rspec-core (3.0.4)
      rspec-support (~> 3.0.0)
    rspec-expectations (3.0.4)
      diff-lcs (>= 1.2.0, < 2.0)
      rspec-support (~> 3.0.0)
    rspec-mocks (3.0.4)
      rspec-support (~> 3.0.0)
    rspec-support (3.0.4)
    safe_yaml (1.0.3)
    shotgun (0.9)
      rack (>= 1.0)
    sinatra (1.4.5)
      rack (~> 1.4)
      rack-protection (~> 1.4)
      tilt (~> 1.3, >= 1.3.4)
    slop (3.6.0)
    sshkit (1.5.1)
      colorize
      net-scp (>= 1.1.2)
      net-ssh (>= 2.8.0)
    terminal-notifier-guard (1.5.3)
    thor (0.19.1)
    thread_safe (0.3.4)
    tilt (1.4.1)
    tilt-jbuilder (0.6.0)
      jbuilder
      tilt (<= 1.5.0)
    timecop (0.7.1)
    timers (1.1.0)
    tzinfo (1.2.2)
      thread_safe (~> 0.1)
    unicorn (4.8.3)
      kgio (~> 2.6)
      rack
      raindrops (~> 0.7)
    vcr (2.9.2)
    webmock (1.18.0)
      addressable (>= 2.3.6)
      crack (>= 0.3.2)

PLATFORMS
  ruby

DEPENDENCIES
  capistrano (>= 3.0.0.pre13)
  dotenv
  endpoint_base!
  foreman
  geokit
  guard-rspec
  honeybadger
  httparty
  model_un
  mws-connect
  nokogiri
  peddler
  pry
  pry-byebug
  rack-test
  rb-fsevent (~> 0.9.1)
  redis
  require_all
  rspec
  shotgun
  sinatra
  terminal-notifier-guard
  tilt-jbuilder
  timecop
  unicorn
  vcr
  webmock
